GEM
  remote: https://rubygems.org/
  specs:
    base64 (0.1.1)
    cgi (0.3.6)
    diff-lcs (1.4.4)
    openssl (3.1.0)
    rspec (3.11.0)
      rspec-core (~> 3.11.0)
      rspec-expectations (~> 3.11.0)
      rspec-mocks (~> 3.11.0)
    rspec-core (3.11.0)
      rspec-support (~> 3.11.0)
    rspec-expectations (3.11.0)
      diff-lcs (>= 1.2.0, < 2.0)
      rspec-support (~> 3.11.0)
    rspec-mocks (3.11.1)
      diff-lcs (>= 1.2.0, < 2.0)
      rspec-support (~> 3.11.0)
    rspec-support (3.11.1)

PLATFORMS
  x86_64-darwin-21

DEPENDENCIES
  base64
  cgi
  openssl
  rspec

BUNDLED WITH
   2.4.6
