GEM
  remote: https://rubygems.org/
  specs:
    activesupport (7.0.5)
      concurrent-ruby (~> 1.0, >= 1.0.2)
      i18n (>= 1.6, < 2)
      minitest (>= 5.1)
      tzinfo (~> 2.0)
    base64 (0.1.1)
    cgi (0.3.6)
    concurrent-ruby (1.2.2)
    diff-lcs (1.4.4)
    dotenv (2.8.1)
    faraday (2.7.8)
      faraday-net_http (>= 2.0, < 3.1)
      ruby2_keywords (>= 0.0.4)
    faraday-net_http (3.0.2)
    i18n (1.14.1)
      concurrent-ruby (~> 1.0)
    minitest (5.18.0)
    openssl (3.1.0)
    rspec (3.11.0)
      rspec-core (~> 3.11.0)
      rspec-expectations (~> 3.11.0)
      rspec-mocks (~> 3.11.0)
    rspec-core (3.11.0)
      rspec-support (~> 3.11.0)
    rspec-expectations (3.11.0)
      diff-lcs (>= 1.2.0, < 2.0)
      rspec-support (~> 3.11.0)
    rspec-mocks (3.11.1)
      diff-lcs (>= 1.2.0, < 2.0)
      rspec-support (~> 3.11.0)
    rspec-support (3.11.1)
    ruby2_keywords (0.0.5)
    securerandom (0.2.2)
    tzinfo (2.0.6)
      concurrent-ruby (~> 1.0)
    uri (0.11.0)

PLATFORMS
  x86_64-darwin-21

DEPENDENCIES
  activesupport
  base64
  cgi
  dotenv
  faraday
  openssl
  rspec
  securerandom
  uri

BUNDLED WITH
   2.4.6
