GEM
  remote: https://rubygems.org/
  specs:
    base64 (0.1.1)
    cgi (0.3.6)
    diff-lcs (1.4.4)
    dotenv (2.8.1)
    faraday (2.7.8)
      faraday-net_http (>= 2.0, < 3.1)
      ruby2_keywords (>= 0.0.4)
    faraday-net_http (3.0.2)
    openssl (3.1.0)
    rspec (3.11.0)
      rspec-core (~> 3.11.0)
      rspec-expectations (~> 3.11.0)
      rspec-mocks (~> 3.11.0)
    rspec-core (3.11.0)
      rspec-support (~> 3.11.0)
    rspec-expectations (3.11.0)
      diff-lcs (>= 1.2.0, < 2.0)
      rspec-support (~> 3.11.0)
    rspec-mocks (3.11.1)
      diff-lcs (>= 1.2.0, < 2.0)
      rspec-support (~> 3.11.0)
    rspec-support (3.11.1)
    ruby2_keywords (0.0.5)
    securerandom (0.2.2)

PLATFORMS
  x86_64-darwin-21

DEPENDENCIES
  base64
  cgi
  dotenv
  faraday
  openssl
  rspec
  securerandom

BUNDLED WITH
   2.4.6
